GEM
  remote: https://rubygems.org/
  specs:
    pdf-core (0.7.0)
    prawn (2.2.2)
      pdf-core (~> 0.7.0)
      ttfunk (~> 1.5)
    sqlite3 (1.3.13)
    thinreports (0.10.2)
      prawn (~> 2.2.0)
    ttfunk (1.5.1)

PLATFORMS
  ruby

DEPENDENCIES
  sqlite3
  thinreports

BUNDLED WITH
   1.16.1
