GEM
  remote: https://rubygems.org/
  specs:
    pdf-core (0.9.0)
    prawn (2.4.0)
      pdf-core (~> 0.9.0)
      ttfunk (~> 1.7)
    rexml (3.2.5)
    sqlite3 (1.4.4)
    thinreports (0.12.1)
      prawn (~> 2.2)
      rexml
    ttfunk (1.7.0)

PLATFORMS
  aarch64-linux

DEPENDENCIES
  sqlite3
  thinreports

BUNDLED WITH
   2.2.3
