GEM
  remote: https://rubygems.org/
  specs:
    Ascii85 (1.0.2)
    afm (0.2.2)
    hashery (2.1.2)
    pdf-reader (2.0.0)
      Ascii85 (~> 1.0.0)
      afm (~> 0.2.1)
      hashery (~> 2.0)
      ruby-rc4
      ttfunk
    prawn (0.12.0)
      pdf-reader (>= 0.9.0)
      ttfunk (~> 1.0.2)
    ruby-rc4 (0.1.5)
    sqlite3 (1.3.13)
    thinreports (0.7.7)
      prawn (= 0.12.0)
    ttfunk (1.0.3)

PLATFORMS
  ruby

DEPENDENCIES
  sqlite3
  thinreports (= 0.7.7)

BUNDLED WITH
   1.14.6
